GEM
  remote: https://rubygems.org/
  specs:
    rake (12.3.3)
    redcarpet (3.5.1)
    slim (4.0.1)
      temple (>= 0.7.6, < 0.9)
      tilt (>= 2.0.6, < 2.1)
    temple (0.8.1)
    tilt (2.0.9)

PLATFORMS
  ruby

DEPENDENCIES
  rake
  redcarpet
  slim
  tilt

BUNDLED WITH
   1.17.2
